GEM
  remote: https://rubygems.org/
  specs:
    bindata (2.4.10)

PLATFORMS
  ruby

DEPENDENCIES
  bindata

BUNDLED WITH
   2.0.1
